GEM
  remote: https://rubygems.org/
  specs:
    ansi (1.4.3)
    backports (3.6.0)
    builder (3.2.2)
    docile (1.1.5)
    httpclient (2.4.0)
    kgio (2.9.2)
    minitest (5.3.5)
    minitest-reporters (1.0.5)
      ansi
      builder
      minitest (>= 5.0)
      ruby-progressbar
    multi_json (1.10.1)
    rack (1.5.2)
    rack-protection (1.5.3)
      rack
    rack-test (0.6.2)
      rack (>= 1.0)
    raindrops (0.13.0)
    rake (10.3.2)
    rake-compiler (0.9.2)
      rake
    ruby-progressbar (1.5.1)
    simplecov (0.8.2)
      docile (~> 1.1.0)
      multi_json
      simplecov-html (~> 0.8.0)
    simplecov-html (0.8.0)
    sinatra (1.4.5)
      rack (~> 1.4)
      rack-protection (~> 1.4)
      tilt (~> 1.3, >= 1.3.4)
    sinatra-contrib (1.4.2)
      backports (>= 2.0)
      multi_json
      rack-protection
      rack-test
      sinatra (~> 1.4.0)
      tilt (~> 1.3)
    tilt (1.4.1)
    unicorn (4.8.3)
      kgio (~> 2.6)
      rack
      raindrops (~> 0.7)

PLATFORMS
  ruby

DEPENDENCIES
  httpclient (~> 2.4)
  minitest-reporters
  rake (~> 10.3, >= 10.3.1)
  rake-compiler
  simplecov
  sinatra (~> 1.4.5)
  sinatra-contrib
  unicorn
